GEM
  remote: https://rubygems.org/
  specs:
    rack (1.5.5)
    rack-protection (1.5.2)
      rack
    sinatra (1.4.4)
      rack (~> 1.4)
      rack-protection (~> 1.4)
      tilt (~> 1.3, >= 1.3.4)
    tilt (1.4.1)

PLATFORMS
  ruby

DEPENDENCIES
  sinatra

RUBY VERSION
   ruby 2.3.1p112

BUNDLED WITH
   1.13.2
