GEM
  remote: https://rubygems.org/
  specs:
    adsf (1.2.1)
      rack (>= 1.0.0)
    rack (2.0.1)

PLATFORMS
  ruby

DEPENDENCIES
  adsf

RUBY VERSION
   ruby 2.3.1p112

BUNDLED WITH
   1.13.2
